GEM
  remote: http://rubygems.org/
  specs:
    Platform (0.4.0)
    trollop (1.16.2)

PLATFORMS
  ruby

DEPENDENCIES
  Platform (~> 0.4.0)
  trollop (~> 1.16.2)
